GEM
  remote: https://rubygems.org/
  specs:
    aws-sdk (2.2.14)
      aws-sdk-resources (= 2.2.14)
    aws-sdk-core (2.2.14)
      jmespath (~> 1.0)
    aws-sdk-resources (2.2.14)
      aws-sdk-core (= 2.2.14)
    jmespath (1.1.3)
    slop (4.2.1)

PLATFORMS
  ruby

DEPENDENCIES
  aws-sdk (~> 2)
  slop

BUNDLED WITH
   1.11.2
